GIT
  remote: https://github.com/ruby-x/rx-file
  revision: 7c4a5546136d1bad065803da91778b209c18cb4d
  specs:
    rx-file (0.3.0)

PATH
  remote: .
  specs:
    rubyx (0.6.0)
      parser (~> 2.6.0)
      rx-file (~> 0.3)

GEM
  remote: https://rubygems.org/
  specs:
    ast (2.4.0)
    codeclimate-test-reporter (1.0.9)
      simplecov (<= 0.13)
    coderay (1.1.2)
    docile (1.1.5)
    ffi (1.12.2)
    ffi (1.12.2-x64-mingw32)
    formatador (0.2.5)
    guard (2.15.1)
      formatador (>= 0.2.4)
      listen (>= 2.7, < 4.0)
      lumberjack (>= 1.0.12, < 2.0)
      nenv (~> 0.1)
      notiffany (~> 0.0)
      pry (>= 0.9.12)
      shellany (~> 0.0)
      thor (>= 0.18.1)
    guard-compat (1.2.1)
    guard-minitest (2.4.6)
      guard-compat (~> 1.2)
      minitest (>= 3.0)
    jaro_winkler (1.5.4)
    json (2.2.0)
    listen (3.1.5)
      rb-fsevent (~> 0.9, >= 0.9.4)
      rb-inotify (~> 0.9, >= 0.9.7)
      ruby_dep (~> 1.2)
    lumberjack (1.0.13)
    method_source (0.9.2)
    minitest (5.11.3)
    minitest-color (0.0.2)
      minitest (~> 5)
    minitest-fail-fast (0.1.0)
      minitest (~> 5)
    minitest-parallel_fork (1.1.2)
    minitest-profile (0.0.2)
    mry (0.78.0.0)
      rubocop (>= 0.41.0)
    nenv (0.3.0)
    notiffany (0.1.3)
      nenv (~> 0.1)
      shellany (~> 0.0)
    parallel (1.19.2)
    parser (2.6.5.0)
      ast (~> 2.4.0)
    pry (0.12.2)
      coderay (~> 1.1.0)
      method_source (~> 0.9.0)
    rainbow (3.0.0)
    rake (12.3.3)
    rb-fsevent (0.10.3)
    rb-inotify (0.10.0)
      ffi (~> 1.0)
    rb-readline (0.5.5)
    rubocop (0.78.0)
      jaro_winkler (~> 1.5.1)
      parallel (~> 1.10)
      parser (>= 2.6)
      rainbow (>= 2.2.2, < 4.0)
      ruby-progressbar (~> 1.7)
      unicode-display_width (>= 1.4.0, < 1.7)
    ruby-progressbar (1.10.1)
    ruby_dep (1.5.0)
    shellany (0.0.1)
    simplecov (0.13.0)
      docile (~> 1.1.0)
      json (>= 1.8, < 3)
      simplecov-html (~> 0.10.0)
    simplecov-html (0.10.2)
    thor (0.20.3)
    unicode-display_width (1.6.1)

PLATFORMS
  ruby
  x64-mingw32

DEPENDENCIES
  codeclimate-test-reporter
  guard
  guard-minitest
  minitest-color
  minitest-fail-fast
  minitest-parallel_fork
  minitest-profile
  mry
  rake
  rb-readline
  rubocop
  rubyx!
  rx-file!
  simplecov
  thor

BUNDLED WITH
   2.1.4
